GIT
  remote: https://github.com/edgarjs/ajaxful-rating.git
  revision: f22e2c38d601f8279e959fbe9a578b2314235505
  branch: rails3
  specs:
    ajaxful_rating (3.0.0.beta8)

GIT
  remote: https://github.com/guiocavalcanti/scribd_fu.git
  revision: 422926986f993bf4d72fcaa981dea221ecc86641
  branch: without-scape
  specs:
    scribd_fu (2.0.11)
      rscribd

GIT
  remote: https://github.com/jongilbraith/simple-private-messages.git
  revision: 7ba7d3c9f7670ef3bddfc90390a49556a94f7013
  specs:
    simple-private-messages (0.0.0)

GIT
  remote: https://github.com/patmaddox/no-peeping-toms.git
  revision: 07d71a1064c9ee2ee9d7e6f14ecbd596f6a53911
  specs:
    no_peeping_toms (2.1.3)
      activerecord (>= 3.0.0)
      activesupport (>= 3.0.0)

GIT
  remote: https://github.com/redu/analytics.git
  revision: a777409d456f6e14894eac8e011f7046a14a1ae1
  specs:
    redu_analytics (0.0.3)
      lazy_high_charts

GIT
  remote: https://github.com/redu/invitable.git
  revision: 8f56a767909ab59220964304fb78364f49a42315
  specs:
    invitable (0.0.7)
      rails (>= 3.0.10)

GEM
  remote: http://rubygems.org/
  specs:
    aasm (3.0.16)
    actionmailer (4.1.16)
      actionpack (= 4.1.16)
      actionview (= 4.1.16)
      mail (~> 2.5, >= 2.5.4)
    actionpack (4.1.16)
      actionview (= 4.1.16)
      activesupport (= 4.1.16)
      rack (~> 1.5.2)
      rack-test (~> 0.6.2)
    actionview (4.1.16)
      activesupport (= 4.1.16)
      builder (~> 3.1)
      erubis (~> 2.7.0)
    activemodel (4.1.16)
      activesupport (= 4.1.16)
      builder (~> 3.1)
    activerecord (4.1.16)
      activemodel (= 4.1.16)
      activesupport (= 4.1.16)
      arel (~> 5.0.0)
    activerecord-import (1.2.0)
      activerecord (>= 3.2)
    activesupport (4.1.16)
      i18n (~> 0.6, >= 0.6.9)
      json (~> 1.7, >= 1.7.7)
      minitest (~> 5.1)
      thread_safe (~> 0.1)
      tzinfo (~> 1.1)
    acts-as-taggable-on (2.4.1)
      rails (>= 3, < 5)
    acts_as_tree (0.1.1)
    addressable (2.3.4)
    arel (5.0.1.20140414130214)
    asset_sync (2.19.2)
      activemodel (>= 4.1.0)
      fog-core
      mime-types (>= 2.99)
      unf
    authlogic (3.3.0)
      activerecord (>= 3.2)
      activesupport (>= 3.2)
    awesome_nested_fields (0.6.4)
      rails (>= 3.0.0)
    aws-s3 (0.6.3)
      builder
      mime-types
      xml-simple
    aws-sdk (1.9.2)
      json (~> 1.4)
      nokogiri (>= 1.4.4)
      uuidtools (~> 2.1)
    base64 (0.2.0)
    bourne (1.4.0)
      mocha (~> 0.13.2)
    bson (1.12.5)
    bson_ext (1.12.5)
      bson (~> 1.12.5)
    builder (3.3.0)
    cancan (1.6.10)
    childprocess (0.3.9)
      ffi (~> 1.0, >= 1.0.11)
    chronic (0.9.1)
    chunky_png (1.4.0)
    ckeditor (3.4.2.pre)
      mime-types (>= 1.16)
    classy_enum (3.2.1)
      rails (>= 3.0)
    cocaine (0.3.2)
    compass (0.12.2)
      chunky_png (~> 1.2)
      fssm (>= 0.2.7)
      sass (~> 3.1)
    compass-rails (2.0.0)
      compass (>= 0.12.2)
    concurrent-ruby (1.3.5)
    cookiejar (0.3.4)
    crack (0.3.2)
    css_parser (1.3.4)
      addressable
    daemons (1.0.10)
    dalli (2.6.3)
    date (3.4.1)
    date_validator (0.6.4)
      activemodel (>= 3)
    deep_cloneable (1.5.1)
      activerecord (>= 3.1)
    destroy_soon (0.0.6)
      activerecord (>= 3.0.20)
      activesupport (>= 3.0.20)
      rake
    diff-lcs (1.6.1)
    dynamic_form (1.1.4)
    em-http-request (1.1.7)
      addressable (>= 2.3.4)
      cookiejar (!= 0.3.1)
      em-socksify (>= 0.3)
      eventmachine (>= 1.0.3)
      http_parser.rb (>= 0.6.0)
    em-socksify (0.3.3)
      base64
      eventmachine (>= 1.0.0.beta.4)
    erubis (2.7.0)
    eventmachine (1.2.7)
    exceptional (2.0.33)
      rack
    excon (0.109.0)
    execjs (1.4.0)
      multi_json (~> 1.0)
    ey_config (0.0.6)
    factory_girl (4.9.0)
      activesupport (>= 3.0.0)
    factory_girl_rails (4.9.0)
      factory_girl (~> 4.9.0)
      railties (>= 3.0.0)
    faraday (0.8.7)
      multipart-post (~> 1.1)
    ffi (1.8.1)
    fog-core (2.5.0)
      builder
      excon (~> 0.71)
      formatador (>= 0.2, < 2.0)
      mime-types
    formatador (1.1.0)
    fssm (0.2.10)
    hash-deep-merge (0.1.1)
    hashie (2.0.4)
    hooks (0.3.1)
    htmlentities (4.3.1)
    http_parser.rb (0.8.0)
    httpauth (0.2.0)
    humanizer (2.4.4)
    i18n (0.9.5)
      concurrent-ruby (~> 1.0)
    jasmine (1.3.2)
      jasmine-core (~> 1.3.1)
      rack (~> 1.0)
      rspec (>= 1.3.1)
      selenium-webdriver (>= 0.1.3)
    jasmine-core (1.3.1)
    jquery-rails (3.1.5)
      railties (>= 3.0, < 5.0)
      thor (>= 0.14, < 2.0)
    json (1.8.6)
    jwt (0.1.6)
      multi_json (>= 1.0)
    kaminari (0.14.1)
      actionpack (>= 3.0.0)
      activesupport (>= 3.0.0)
    lazy_high_charts (1.6.1)
      hash-deep-merge
    libv8 (3.11.8.17)
    logger (1.7.0)
    mail (2.8.1)
      mini_mime (>= 0.1.1)
      net-imap
      net-pop
      net-smtp
    metaclass (0.0.1)
    mime-types (3.6.2)
      logger
      mime-types-data (~> 3.2015)
    mime-types-data (3.2025.0415)
    mini_mime (1.1.5)
    minitest (5.25.4)
    mocha (0.13.3)
      metaclass (~> 0.0.1)
    multi_json (1.15.0)
    multipart-post (1.2.0)
    mysql2 (0.5.6)
    net-imap (0.3.8)
      date
      net-protocol
    net-pop (0.1.2)
      net-protocol
    net-protocol (0.2.2)
      timeout
    net-smtp (0.5.1)
      net-protocol
    newrelic_rpm (3.6.2.96)
    nokogiri (1.5.9)
    oauth (0.4.7)
    oauth-plugin (0.4.1)
      multi_json
      oauth (~> 0.4.4)
      oauth2 (>= 0.5.0)
      rack
    oauth2 (0.8.1)
      faraday (~> 0.8)
      httpauth (~> 0.1)
      jwt (~> 0.1.4)
      multi_json (~> 1.0)
      rack (~> 1.2)
    omniauth (1.1.4)
      hashie (>= 1.2, < 3)
      rack
    omniauth-facebook (1.4.1)
      omniauth-oauth2 (~> 1.1.0)
    omniauth-oauth2 (1.1.1)
      oauth2 (~> 0.8.0)
      omniauth (~> 1.0)
    pagseguro (0.1.13)
    paperclip (2.7.5)
      activerecord (>= 2.3.0)
      activesupport (>= 2.3.2)
      cocaine (~> 0.3.0)
      mime-types
    premailer (1.7.3)
      css_parser (>= 1.1.9)
      htmlentities (>= 4.0.0)
    premailer-rails (1.4.0)
      premailer (~> 1.7)
      rails (>= 3)
    pusher (0.11.3)
      multi_json (~> 1.0)
      signature (~> 0.1.6)
    rack (1.5.5)
    rack-cors (0.2.7)
      rack
    rack-test (0.6.3)
      rack (>= 1.0)
    rails (4.1.16)
      actionmailer (= 4.1.16)
      actionpack (= 4.1.16)
      actionview (= 4.1.16)
      activemodel (= 4.1.16)
      activerecord (= 4.1.16)
      activesupport (= 4.1.16)
      bundler (>= 1.3.0, < 2.0)
      railties (= 4.1.16)
      sprockets-rails (~> 2.0)
    rails_autolink (1.1.0)
      rails (> 3.1)
    railties (4.1.16)
      actionpack (= 4.1.16)
      activesupport (= 4.1.16)
      rake (>= 0.8.7)
      thor (>= 0.18.1, < 2.0)
    rake (10.0.4)
    rb-fsevent (0.11.2)
    rb-inotify (0.11.1)
      ffi (~> 1.0)
    redu-has_friends (1.0.0)
    ref (1.0.4)
    remotipart (1.0.5)
    representable (1.5.3)
      multi_json
      nokogiri
    roar (0.11.18)
      representable (>= 1.5.2)
    roar-rails (0.1.0)
      actionpack
      hooks
      railties (>= 3.0.0)
      representable (~> 1.4)
      roar (~> 0.11.13)
      test_xml (>= 0.1.6)
    route_translator (3.1.0)
    rscribd (1.3.0)
      mime-types
    rspec (2.99.0)
      rspec-core (~> 2.99.0)
      rspec-expectations (~> 2.99.0)
      rspec-mocks (~> 2.99.0)
    rspec-collection_matchers (1.2.1)
      rspec-expectations (>= 2.99.0.beta1)
    rspec-core (2.99.2)
    rspec-expectations (2.99.2)
      diff-lcs (>= 1.1.3, < 2.0)
    rspec-mocks (2.99.4)
    rspec-rails (2.99.0)
      actionpack (>= 3.0)
      activemodel (>= 3.0)
      activesupport (>= 3.0)
      railties (>= 3.0)
      rspec-collection_matchers
      rspec-core (~> 2.99.0)
      rspec-expectations (~> 2.99.0)
      rspec-mocks (~> 2.99.0)
    ruby-prof (0.13.0)
    rubyzip (0.9.9)
    sass (3.7.4)
      sass-listen (~> 4.0.0)
    sass-listen (4.0.0)
      rb-fsevent (~> 0.9, >= 0.9.4)
      rb-inotify (~> 0.9, >= 0.9.7)
    sass-rails (5.0.7)
      railties (>= 4.0.0, < 6)
      sass (~> 3.1)
      sprockets (>= 2.8, < 4.0)
      sprockets-rails (>= 2.0, < 4.0)
      tilt (>= 1.1, < 3)
    selenium-webdriver (2.32.1)
      childprocess (>= 0.2.5)
      multi_json (~> 1.0)
      rubyzip
      websocket (~> 1.0.4)
    shoulda-matchers (1.5.6)
      activesupport (>= 3.0.0)
      bourne (~> 1.3)
    signature (0.1.7)
    simple-navigation (3.10.1)
      activesupport (>= 2.3.2)
    simple_acts_as_list (0.0.1)
      activesupport
    sprockets (3.7.5)
      base64
      concurrent-ruby (~> 1.0)
      rack (> 1, < 3)
    sprockets-rails (2.3.3)
      actionpack (>= 3.0)
      activesupport (>= 3.0)
      sprockets (>= 2.8, < 4.0)
    test_xml (0.1.6)
      nokogiri (>= 1.3.2)
    therubyracer (0.11.4)
      libv8 (~> 3.11.8.12)
      ref
    thor (1.3.2)
    thread_safe (0.3.6)
    tilt (2.6.0)
    timeout (0.4.3)
    truncate_html (0.9.2)
    tzinfo (1.2.11)
      thread_safe (~> 0.1)
    uglifier (2.1.0)
      execjs (>= 0.3.0)
      multi_json (~> 1.0, >= 1.0.2)
    unf (0.2.0)
    useragent (0.6.0)
    uuidtools (2.1.3)
    valium (0.5.0)
      activerecord (>= 3.0.2)
    webmock (1.11.0)
      addressable (>= 2.2.7)
      crack (>= 0.3.2)
    websocket (1.0.7)
    xml-simple (1.1.2)
    yajl-ruby (1.4.3)
    zencoder (2.4.4)
      multi_json

PLATFORMS
  ruby

DEPENDENCIES
  aasm
  activerecord-import
  acts-as-taggable-on (= 2.4.1)
  acts_as_tree (~> 0.1.1)
  ajaxful_rating!
  asset_sync
  authlogic
  awesome_nested_fields
  aws-s3
  aws-sdk
  bson_ext
  bundler (~> 1.2)
  cancan (~> 1.6.7)
  chronic
  ckeditor (= 3.4.2.pre)
  classy_enum
  compass-rails
  daemons (= 1.0.10)
  dalli
  date_validator
  deep_cloneable
  destroy_soon
  dynamic_form
  em-http-request
  eventmachine
  exceptional
  ey_config
  factory_girl_rails
  humanizer
  invitable!
  jasmine
  jquery-rails
  kaminari (= 0.14.1)
  mime-types
  mysql2
  newrelic_rpm
  no_peeping_toms!
  oauth-plugin (~> 0.4.0)
  omniauth
  omniauth-facebook
  pagseguro (~> 0.1.10)
  paperclip (~> 2.7.5)
  premailer-rails
  pusher
  rack-cors
  rails (~> 4.0)
  rails_autolink
  rake (~> 10.0.4)
  redu-has_friends (~> 1.0)
  redu_analytics!
  remotipart (~> 1.0)
  roar-rails
  route_translator
  rspec-rails (~> 2.13)
  ruby-prof
  rubyzip
  sass-rails
  scribd_fu!
  shoulda-matchers (~> 1)
  simple-navigation (= 3.10.1)
  simple-private-messages (= 0.0.0)!
  simple_acts_as_list
  therubyracer
  truncate_html
  uglifier (~> 2)
  useragent
  valium
  webmock
  yajl-ruby
  zencoder

RUBY VERSION
   ruby 2.6.10p210

BUNDLED WITH
   1.17.3
