GIT
  remote: https://github.com/edgarjs/ajaxful-rating.git
  revision: f22e2c38d601f8279e959fbe9a578b2314235505
  branch: rails3
  specs:
    ajaxful_rating (3.0.0.beta8)

GIT
  remote: https://github.com/embs/invitable.git
  revision: 7e003df6294e5909ce691ba5d22d64e4866b9618
  branch: main
  specs:
    invitable (0.0.7)
      rails (>= 3.0.10)

GIT
  remote: https://github.com/fphilipe/premailer-rails
  revision: d9a2f2907cf26ccc6686fcda65d011160385471d
  branch: main
  specs:
    premailer-rails (1.12.0)
      actionmailer (>= 3)
      premailer (~> 1.7, >= 1.7.9)

GIT
  remote: https://github.com/guiocavalcanti/scribd_fu.git
  revision: 422926986f993bf4d72fcaa981dea221ecc86641
  branch: without-scape
  specs:
    scribd_fu (2.0.11)
      rscribd

GIT
  remote: https://github.com/jongilbraith/simple-private-messages.git
  revision: 7ba7d3c9f7670ef3bddfc90390a49556a94f7013
  specs:
    simple-private-messages (0.0.0)

GEM
  remote: http://rubygems.org/
  specs:
    aasm (3.0.16)
    actionmailer (4.0.13)
      actionpack (= 4.0.13)
      mail (~> 2.5, >= 2.5.4)
    actionpack (4.0.13)
      activesupport (= 4.0.13)
      builder (~> 3.1.0)
      erubis (~> 2.7.0)
      rack (~> 1.5.2)
      rack-test (~> 0.6.2)
    activemodel (4.0.13)
      activesupport (= 4.0.13)
      builder (~> 3.1.0)
    activerecord (4.0.13)
      activemodel (= 4.0.13)
      activerecord-deprecated_finders (~> 1.0.2)
      activesupport (= 4.0.13)
      arel (~> 4.0.0)
    activerecord-deprecated_finders (1.0.4)
    activerecord-session_store (1.1.3)
      actionpack (>= 4.0)
      activerecord (>= 4.0)
      multi_json (~> 1.11, >= 1.11.2)
      rack (>= 1.5.2, < 3)
      railties (>= 4.0)
    activesupport (4.0.13)
      i18n (~> 0.6, >= 0.6.9)
      minitest (~> 4.2)
      multi_json (~> 1.3)
      thread_safe (~> 0.1)
      tzinfo (~> 0.3.37)
    acts-as-taggable-on (2.4.1)
      rails (>= 3, < 5)
    acts_as_tree (0.1.1)
    addressable (2.8.0)
      public_suffix (>= 2.0.2, < 5.0)
    arel (4.0.2)
    authlogic (3.8.0)
      activerecord (>= 3.2, < 5.3)
      activesupport (>= 3.2, < 5.3)
      request_store (~> 1.0)
      scrypt (>= 1.2, < 4.0)
    awesome_nested_fields (0.6.4)
      rails (>= 3.0.0)
    aws-s3 (0.6.3)
      builder
      mime-types
      xml-simple
    aws-sdk (1.9.2)
      json (~> 1.4)
      nokogiri (>= 1.4.4)
      uuidtools (~> 2.1)
    bourne (1.4.0)
      mocha (~> 0.13.2)
    bson (1.8.6)
    bson_ext (1.8.6)
      bson (~> 1.8.6)
    builder (3.1.4)
    cancan (1.6.10)
    childprocess (0.3.9)
      ffi (~> 1.0, >= 1.0.11)
    chronic (0.9.1)
    chunky_png (1.4.0)
    ckeditor (4.3.0)
      orm_adapter (~> 0.5.0)
      terrapin
    classy_enum (4.0.0)
      activerecord (>= 3.2)
    climate_control (0.2.0)
    cocaine (0.5.8)
      climate_control (>= 0.0.3, < 1.0)
    compass (1.0.3)
      chunky_png (~> 1.2)
      compass-core (~> 1.0.2)
      compass-import-once (~> 1.0.5)
      rb-fsevent (>= 0.9.3)
      rb-inotify (>= 0.9)
      sass (>= 3.3.13, < 3.5)
    compass-core (1.0.3)
      multi_json (~> 1.0)
      sass (>= 3.3.0, < 3.5)
    compass-import-once (1.0.5)
      sass (>= 3.2, < 3.5)
    compass-rails (4.0.0)
      compass (~> 1.0.0)
      sass-rails (< 5.1)
      sprockets (< 4.0)
    concurrent-ruby (1.1.9)
    cookiejar (0.3.0)
    crack (0.3.2)
    css_parser (1.7.1)
      addressable
    daemons (1.0.10)
    dalli (2.6.3)
    date_validator (0.6.4)
      activemodel (>= 3)
    deep_cloneable (3.2.1)
      activerecord (>= 3.1.0, < 9)
    destroy_soon (0.0.6)
      activerecord (>= 3.0.20)
      activesupport (>= 3.0.20)
      rake
    diff-lcs (1.6.1)
    dynamic_form (1.1.4)
    em-http-request (1.0.3)
      addressable (>= 2.2.3)
      cookiejar
      em-socksify
      eventmachine (>= 1.0.0.beta.4)
      http_parser.rb (>= 0.5.3)
    em-socksify (0.2.1)
      eventmachine (>= 1.0.0.beta.4)
    erubis (2.7.0)
    eventmachine (1.0.3)
    exceptional (2.0.33)
      rack
    execjs (1.4.0)
      multi_json (~> 1.0)
    ey_config (0.0.6)
    factory_girl (4.9.0)
      activesupport (>= 3.0.0)
    factory_girl_rails (4.9.0)
      factory_girl (~> 4.9.0)
      railties (>= 3.0.0)
    faraday (0.17.6)
      multipart-post (>= 1.2, < 3)
    ffi (1.8.1)
    ffi-compiler (1.0.1)
      ffi (>= 1.0.0)
      rake
    hashie (2.0.4)
    hooks (0.3.1)
    htmlentities (4.3.4)
    http_parser.rb (0.5.3)
    httpauth (0.2.1)
    humanizer (2.7.1)
    i18n (0.9.5)
      concurrent-ruby (~> 1.0)
    jasmine (1.3.2)
      jasmine-core (~> 1.3.1)
      rack (~> 1.0)
      rspec (>= 1.3.1)
      selenium-webdriver (>= 0.1.3)
    jasmine-core (1.3.1)
    jquery-rails (3.1.5)
      railties (>= 3.0, < 5.0)
      thor (>= 0.14, < 2.0)
    json (1.8.6)
    jwt (0.1.13)
      multi_json (>= 1.5)
    kaminari (0.14.1)
      actionpack (>= 3.0.0)
      activesupport (>= 3.0.0)
    libv8 (3.11.8.17)
    logger (1.2.8.1)
    mail (2.7.1)
      mini_mime (>= 0.1.1)
    metaclass (0.0.1)
    mime-types (3.6.2)
      logger
      mime-types-data (~> 3.2015)
    mime-types-data (3.2025.0415)
    mini_mime (1.1.2)
    minitest (4.7.5)
    mocha (0.13.3)
      metaclass (~> 0.0.1)
    multi_json (1.15.0)
    multipart-post (2.1.1)
    mysql2 (0.3.11)
    newrelic_rpm (3.6.2.96)
    nokogiri (1.5.9)
    oauth (0.4.7)
    oauth-plugin (0.5.1)
      multi_json
      oauth (~> 0.4.4)
      oauth2 (>= 0.5.0)
      rack
    oauth2 (0.8.1)
      faraday (~> 0.8)
      httpauth (~> 0.1)
      jwt (~> 0.1.4)
      multi_json (~> 1.0)
      rack (~> 1.2)
    omniauth (1.1.4)
      hashie (>= 1.2, < 3)
      rack
    omniauth-facebook (1.4.1)
      omniauth-oauth2 (~> 1.1.0)
    omniauth-oauth2 (1.1.1)
      oauth2 (~> 0.8.0)
      omniauth (~> 1.0)
    orm_adapter (0.5.0)
    pagseguro (0.1.13)
    paperclip (4.2.4)
      activemodel (>= 3.2.0)
      activesupport (>= 3.2.0)
      cocaine (~> 0.5.5)
      mime-types
    premailer (1.11.1)
      addressable
      css_parser (>= 1.6.0)
      htmlentities (>= 4.0.0)
    protected_attributes (1.1.4)
      activemodel (>= 4.0.1, < 5.0)
    public_suffix (3.1.1)
    pusher (0.11.3)
      multi_json (~> 1.0)
      signature (~> 0.1.6)
    rack (1.5.5)
    rack-cors (0.2.7)
      rack
    rack-test (0.6.3)
      rack (>= 1.0)
    rails (4.0.13)
      actionmailer (= 4.0.13)
      actionpack (= 4.0.13)
      activerecord (= 4.0.13)
      activesupport (= 4.0.13)
      bundler (>= 1.3.0, < 2.0)
      railties (= 4.0.13)
      sprockets-rails (~> 2.0)
    rails-observers (0.1.2)
      activemodel (~> 4.0)
    rails3-generators (1.0.0)
      railties (>= 3.0.0)
    rails_autolink (1.1.7)
      rails (> 3.1)
    railties (4.0.13)
      actionpack (= 4.0.13)
      activesupport (= 4.0.13)
      rake (>= 0.8.7)
      thor (>= 0.18.1, < 2.0)
    rake (10.0.4)
    rb-fsevent (0.11.2)
    rb-inotify (0.9.10)
      ffi (>= 0.5.0, < 2)
    redu-has_friends (1.0.0)
    ref (1.0.4)
    remotipart (1.0.5)
    representable (1.5.3)
      multi_json
      nokogiri
    request_store (1.7.0)
      rack (>= 1.4)
    roar (0.11.18)
      representable (>= 1.5.2)
    roar-rails (0.1.0)
      actionpack
      hooks
      railties (>= 3.0.0)
      representable (~> 1.4)
      roar (~> 0.11.13)
      test_xml (>= 0.1.6)
    route_translator (3.1.0)
    rscribd (1.3.0)
      mime-types
    rspec (2.99.0)
      rspec-core (~> 2.99.0)
      rspec-expectations (~> 2.99.0)
      rspec-mocks (~> 2.99.0)
    rspec-collection_matchers (1.2.1)
      rspec-expectations (>= 2.99.0.beta1)
    rspec-core (2.99.2)
    rspec-expectations (2.99.2)
      diff-lcs (>= 1.1.3, < 2.0)
    rspec-mocks (2.99.4)
    rspec-rails (2.99.0)
      actionpack (>= 3.0)
      activemodel (>= 3.0)
      activesupport (>= 3.0)
      railties (>= 3.0)
      rspec-collection_matchers
      rspec-core (~> 2.99.0)
      rspec-expectations (~> 2.99.0)
      rspec-mocks (~> 2.99.0)
    ruby-prof (0.13.0)
    rubyzip (0.9.9)
    sass (3.4.25)
    sass-rails (5.0.7)
      railties (>= 4.0.0, < 6)
      sass (~> 3.1)
      sprockets (>= 2.8, < 4.0)
      sprockets-rails (>= 2.0, < 4.0)
      tilt (>= 1.1, < 3)
    scrypt (3.0.7)
      ffi-compiler (>= 1.0, < 2.0)
    selenium-webdriver (2.32.1)
      childprocess (>= 0.2.5)
      multi_json (~> 1.0)
      rubyzip
      websocket (~> 1.0.4)
    shoulda-matchers (1.5.6)
      activesupport (>= 3.0.0)
      bourne (~> 1.3)
    signature (0.1.7)
    simple-navigation (3.10.1)
      activesupport (>= 2.3.2)
    simple_acts_as_list (0.0.1)
      activesupport
    sprockets (3.7.2)
      concurrent-ruby (~> 1.0)
      rack (> 1, < 3)
    sprockets-rails (2.3.3)
      actionpack (>= 3.0)
      activesupport (>= 3.0)
      sprockets (>= 2.8, < 4.0)
    terrapin (1.1.0)
      climate_control
    test_xml (0.1.6)
      nokogiri (>= 1.3.2)
    therubyracer (0.11.4)
      libv8 (~> 3.11.8.12)
      ref
    thor (1.2.2)
    thread_safe (0.3.6)
    tilt (2.6.0)
    truncate_html (0.9.2)
    tzinfo (0.3.62)
    uglifier (2.1.0)
      execjs (>= 0.3.0)
      multi_json (~> 1.0, >= 1.0.2)
    useragent (0.6.0)
    uuidtools (2.1.3)
    webmock (1.11.0)
      addressable (>= 2.2.7)
      crack (>= 0.3.2)
    websocket (1.0.7)
    xml-simple (1.1.2)
    yajl-ruby (1.1.0)
    zencoder (2.4.4)
      multi_json

PLATFORMS
  ruby

DEPENDENCIES
  aasm
  activerecord-session_store
  acts-as-taggable-on (= 2.4.1)
  acts_as_tree (~> 0.1.1)
  ajaxful_rating!
  authlogic
  awesome_nested_fields
  aws-s3
  aws-sdk
  bson_ext
  bundler (~> 1.2)
  cancan (~> 1.6.7)
  chronic
  ckeditor (~> 4.0)
  classy_enum
  compass-rails
  daemons (= 1.0.10)
  dalli
  date_validator
  deep_cloneable
  destroy_soon
  dynamic_form
  em-http-request
  eventmachine
  exceptional
  ey_config
  factory_girl_rails
  humanizer
  invitable!
  jasmine
  jquery-rails
  kaminari (= 0.14.1)
  logger (< 1.3)
  mime-types
  multipart-post (< 2.2.0)
  mysql2
  newrelic_rpm
  oauth-plugin (~> 0.5)
  omniauth
  omniauth-facebook
  pagseguro (~> 0.1.10)
  paperclip
  premailer-rails!
  protected_attributes
  pusher
  rack-cors
  rails (= 4.0.13)
  rails-observers
  rails3-generators
  rails_autolink
  rake (~> 10.0.4)
  redu-has_friends (~> 1.0)
  remotipart (~> 1.0)
  roar-rails
  route_translator
  rspec-rails
  ruby-prof
  rubyzip
  sass-rails
  scribd_fu!
  shoulda-matchers (~> 1)
  simple-navigation (= 3.10.1)
  simple-private-messages (= 0.0.0)!
  simple_acts_as_list
  therubyracer
  truncate_html
  uglifier (~> 2)
  useragent
  webmock
  yajl-ruby
  zencoder

RUBY VERSION
   ruby 2.1.10p492

BUNDLED WITH
   1.17.3
